FRAMEWORK: >= NET40
NUGET
  remote: https://www.nuget.org/api/v2
    FSharp.Core (4.0.0.1)
    FSharp.Data (2.2.5)
    Suave (1.1.1)
      FSharp.Core (>= 3.1.2.5)
